GEM
  remote: https://rubygems.org/
  specs:
    activemodel (3.2.14)
      activesupport (= 3.2.14)
      builder (~> 3.0.0)
    activesupport (3.2.14)
      i18n (~> 0.6, >= 0.6.4)
      multi_json (~> 1.0)
    backports (3.3.3)
    bson (1.9.1)
    bson_ext (1.9.1)
      bson (~> 1.9.1)
    builder (3.0.4)
    coveralls (0.7.0)
      multi_json (~> 1.3)
      rest-client
      simplecov (>= 0.7)
      term-ansicolor
      thor
    daemons (1.1.9)
    database_cleaner (1.2.0)
    diff-lcs (1.2.5)
    docile (1.1.3)
    dotenv (0.9.0)
    eventmachine (1.0.3)
    fabrication (2.9.8)
    geoip (1.4.0)
    i18n (0.6.4)
    mime-types (2.3)
    mini_portile (0.5.1)
    mongo (1.9.1)
      bson (~> 1.9.1)
    mongoid (2.7.1)
      activemodel (~> 3.1)
      mongo (~> 1.8)
      tzinfo (~> 0.3.22)
    mongoid-pagination (0.2.0)
      activesupport
      mongoid
    multi_json (1.7.8)
    netrc (0.7.7)
    nokogiri (1.6.0)
      mini_portile (~> 0.5.0)
    rack (1.5.2)
    rack-attack (2.2.0)
      rack
    rack-contrib (1.1.0)
      rack (>= 0.9.1)
    rack-protection (1.5.0)
      rack
    rack-revision (1.0.1)
      rack (>= 1.0)
    rack-test (0.6.2)
      rack (>= 1.0)
    rake (10.1.0)
    redcarpet (2.3.0)
    redis (3.0.7)
    rest-client (1.7.2)
      mime-types (>= 1.16, < 3.0)
      netrc (~> 0.7)
    roo (1.11.2)
      nokogiri
      rubyzip
      spreadsheet (> 0.6.4)
    rspec (2.14.1)
      rspec-core (~> 2.14.0)
      rspec-expectations (~> 2.14.0)
      rspec-mocks (~> 2.14.0)
    rspec-core (2.14.8)
    rspec-expectations (2.14.5)
      diff-lcs (>= 1.1.3, < 2.0)
    rspec-mocks (2.14.6)
    ruby-ole (1.2.11.7)
    rubyzip (0.9.9)
    simplecov (0.8.2)
      docile (~> 1.1.0)
      multi_json
      simplecov-html (~> 0.8.0)
    simplecov-html (0.8.0)
    sinatra (1.4.3)
      rack (~> 1.4)
      rack-protection (~> 1.4)
      tilt (~> 1.3, >= 1.3.4)
    sinatra-contrib (1.4.0)
      backports (>= 2.0)
      eventmachine
      rack-protection
      rack-test
      sinatra (~> 1.4.2)
      tilt (~> 1.3)
    skylight (0.3.20)
      activesupport (>= 3.0.0)
    spreadsheet (0.8.6)
      ruby-ole (>= 1.0)
    term-ansicolor (1.3.0)
      tins (~> 1.0)
    thin (1.5.1)
      daemons (>= 1.0.9)
      eventmachine (>= 0.12.6)
      rack (>= 1.0.0)
    thor (0.19.1)
    tilt (1.4.1)
    tins (1.3.0)
    tzinfo (0.3.37)

PLATFORMS
  ruby

DEPENDENCIES
  bson (~> 1.9)
  bson_ext (~> 1.9)
  coveralls (~> 0.7)
  database_cleaner (~> 1.2)
  dotenv (~> 0.9)
  fabrication (~> 2.9)
  geoip (~> 1.4)
  mongo (~> 1.9)
  mongoid (~> 2.4)
  mongoid-pagination (~> 0.2)
  rack-attack (~> 2.2)
  rack-contrib (~> 1.1)
  rack-revision (~> 1.0)
  rack-test (~> 0.6)
  rake (~> 10)
  redcarpet (~> 2.1)
  redis (~> 3.0)
  roo (~> 1.0)
  rspec (~> 2.13)
  simplecov (~> 0.8)
  sinatra (~> 1.4)
  sinatra-contrib (~> 1.4)
  skylight (= 0.3.20)
  thin (~> 1.5)
